PATH
  remote: /Users/ash/src/personal/brigadier
  specs:
    brigadier (0.1.0)

PATH
  remote: /Users/ash/src/zendesk/zendesk_configuration_service
  specs:
    zendesk_configuration_service (0.1.0)
      vault (~> 0.2)

GEM
  remote: https://rubygems.org/
  specs:
    byebug (8.2.2)
    coderay (1.1.0)
    method_source (0.8.2)
    pry (0.10.3)
      coderay (~> 1.1.0)
      method_source (~> 0.8.1)
      slop (~> 3.4)
    pry-byebug (3.3.0)
      byebug (~> 8.0)
      pry (~> 0.10)
    shared (1.1.2)
    slop (3.6.0)
    vault (0.2.0)

PLATFORMS
  ruby

DEPENDENCIES
  brigadier!
  pry-byebug
  shared
  zendesk_configuration_service!

BUNDLED WITH
   1.11.0
